STORAGE: NONE
RESTRICTION: == net5.0
NUGET
  remote: https://api.nuget.org/v3/index.json
    Dapr.Actors (1.3)
      Dapr.Client (>= 1.3)
      Microsoft.Extensions.Logging.Abstractions (>= 3.1)
    Dapr.Actors.AspNetCore (1.3)
      Dapr.Actors (>= 1.3)
      System.IO.Pipelines (>= 4.7.2)
    Dapr.AspNetCore (1.3)
      Dapr.Client (>= 1.3)
      System.IO.Pipelines (>= 4.7.2)
    Dapr.Client (1.3)
      Google.Api.CommonProtos (>= 2.2)
      Google.Protobuf (>= 3.13)
      Grpc.Net.Client (>= 2.32)
      System.Net.Http.Json (>= 5.0)
    Dapr.Extensions.Configuration (1.3)
      Dapr.Client (>= 1.3)
      Microsoft.Extensions.Configuration (>= 3.1.2)
    FSharp.Core (5.0.2)
    FSharpPlus (1.2.1)
      FSharp.Core (>= 4.6.2)
    FsToolkit.ErrorHandling (2.7)
      FSharp.Core (>= 4.6.2)
    FsToolkit.ErrorHandling.TaskResult (2.7)
      FsToolkit.ErrorHandling (>= 2.7)
      Ply (>= 0.3.1)
    Giraffe (5.0)
      FSharp.Core (>= 5.0)
      Giraffe.ViewEngine (>= 1.3)
      Microsoft.IO.RecyclableMemoryStream (>= 1.3.6)
      Newtonsoft.Json (>= 12.0.3)
      Ply (>= 0.3.1)
      System.Text.Json (>= 5.0.2)
      Utf8Json (>= 1.3.7)
    Giraffe.ViewEngine (1.4)
      FSharp.Core (>= 5.0)
    Google.Api.CommonProtos (2.3)
      Google.Protobuf (>= 3.15.8 < 4.0)
    Google.Protobuf (3.17.3)
    Grpc.Core.Api (2.39.1)
      System.Memory (>= 4.5.3)
    Grpc.Net.Client (2.39)
      Grpc.Net.Common (>= 2.39)
      Microsoft.Extensions.Logging.Abstractions (>= 3.0.3)
    Grpc.Net.Common (2.39)
      Grpc.Core.Api (>= 2.39.1)
    Microsoft.AspNetCore.TestHost (5.0.9)
      System.IO.Pipelines (>= 5.0.1)
    Microsoft.CodeCoverage (16.11)
    Microsoft.Extensions.Configuration (5.0)
      Microsoft.Extensions.Configuration.Abstractions (>= 5.0)
      Microsoft.Extensions.Primitives (>= 5.0)
    Microsoft.Extensions.Configuration.Abstractions (5.0)
      Microsoft.Extensions.Primitives (>= 5.0)
    Microsoft.Extensions.Logging.Abstractions (5.0)
    Microsoft.Extensions.Primitives (5.0.1)
    Microsoft.IO.RecyclableMemoryStream (2.1.3)
    Microsoft.NET.Test.Sdk (16.11)
      Microsoft.CodeCoverage (>= 16.11)
      Microsoft.TestPlatform.TestHost (>= 16.11)
    Microsoft.NETCore.Platforms (5.0.2)
    Microsoft.TestPlatform.ObjectModel (16.11)
      NuGet.Frameworks (>= 5.0)
      System.Reflection.Metadata (>= 1.6)
    Microsoft.TestPlatform.TestHost (16.11)
      Microsoft.TestPlatform.ObjectModel (>= 16.11)
      Newtonsoft.Json (>= 9.0.1)
    NETStandard.Library (2.0.3)
      Microsoft.NETCore.Platforms (>= 1.1)
    Newtonsoft.Json (13.0.1)
    NuGet.Frameworks (5.11)
    Ply (0.3.1)
      FSharp.Core (>= 4.6.2)
      System.Threading.Tasks.Extensions (>= 4.5.4)
    System.IO.Pipelines (5.0.1)
    System.Memory (4.5.4)
    System.Net.Http.Json (5.0)
    System.Reflection.Emit (4.7)
    System.Reflection.Emit.Lightweight (4.7)
    System.Reflection.Metadata (5.0)
    System.Text.Json (5.0.2)
    System.Threading.Tasks.Extensions (4.5.4)
    System.ValueTuple (4.5)
    Utf8Json (1.3.7)
      System.Reflection.Emit (>= 4.3)
      System.Reflection.Emit.Lightweight (>= 4.3)
      System.Threading.Tasks.Extensions (>= 4.4)
      System.ValueTuple (>= 4.4)
    xunit (2.4.1)
      xunit.analyzers (>= 0.10)
      xunit.assert (2.4.1)
      xunit.core (2.4.1)
    xunit.abstractions (2.0.3)
    xunit.analyzers (0.10)
    xunit.assert (2.4.1)
      NETStandard.Library (>= 1.6.1)
    xunit.core (2.4.1)
      xunit.extensibility.core (2.4.1)
      xunit.extensibility.execution (2.4.1)
    xunit.extensibility.core (2.4.1)
      NETStandard.Library (>= 1.6.1)
      xunit.abstractions (>= 2.0.3)
    xunit.extensibility.execution (2.4.1)
      NETStandard.Library (>= 1.6.1)
      xunit.extensibility.core (2.4.1)
    xunit.runner.visualstudio (2.4.3)
